PATH
  remote: ../ProMotion
  specs:
    ProMotion (2.2.1)
      methadone (~> 1.7)

GEM
  remote: https://rubygems.org/
  specs:
    methadone (1.9.0)
      bundler
    rake (10.4.2)

PLATFORMS
  ruby

DEPENDENCIES
  ProMotion!
  rake
